GEM
  remote: https://rubygems.org/
  specs:
    serialport (1.3.2)
    webrick (1.8.1)

PLATFORMS
  x86_64-linux

DEPENDENCIES
  serialport
  webrick

BUNDLED WITH
   2.4.14
