GEM
  remote: https://rubygems.org/
  specs:
    rexml (3.2.6)
    ruby-termios (1.1.0)
    uart (1.0.0)
      ruby-termios
    webrick (1.8.1)

PLATFORMS
  x86_64-linux

DEPENDENCIES
  rexml
  uart
  webrick

BUNDLED WITH
   2.4.14
